GEM
  remote: https://rubygems.org/
  specs:
    dotenv (2.1.1)
    faker (1.6.6)
      i18n (~> 0.5)
    i18n (0.7.0)
    rack (1.6.5)
    rack-protection (1.5.3)
      rack
    shotgun (0.9.2)
      rack (>= 1.0)
    sinatra (1.4.7)
      rack (~> 1.5)
      rack-protection (~> 1.4)
      tilt (>= 1.3, < 3)
    tilt (2.0.5)

PLATFORMS
  ruby

DEPENDENCIES
  dotenv
  faker
  shotgun
  sinatra

BUNDLED WITH
   1.13.6
