GEM
  remote: https://rubygems.org/
  specs:
    dotenv (2.2.1)
    faker (1.8.4)
      i18n (~> 0.5)
    i18n (0.8.6)
    mustermann (1.0.1)
    rack (2.0.3)
    rack-protection (2.0.0)
      rack
    shotgun (0.9.2)
      rack (>= 1.0)
    sinatra (2.0.0)
      mustermann (~> 1.0)
      rack (~> 2.0)
      rack-protection (= 2.0.0)
      tilt (~> 2.0)
    tilt (2.0.8)

PLATFORMS
  ruby

DEPENDENCIES
  dotenv
  faker
  shotgun
  sinatra

BUNDLED WITH
   1.15.3
